GEM
  remote: http://rubygems.org/
  specs:
    ast (2.3.0)
    concurrent-ruby (1.0.2)
    connection_pool (2.2.0)
    debugger-ruby_core_source (1.3.8)
    foreman (0.82.0)
      thor (~> 0.19.1)
    parser (2.3.1.2)
      ast (~> 2.2)
    powerpack (0.1.1)
    rack (1.6.4)
    rack-lineprof (0.0.3)
      rack (~> 1.5)
      rblineprof (~> 0.3.6)
      term-ansicolor (~> 1.3)
    rack-protection (1.5.3)
      rack
    rainbow (2.1.0)
    rblineprof (0.3.7)
      debugger-ruby_core_source (~> 1.3)
    redis (3.3.1)
    redis-namespace (1.5.2)
      redis (~> 3.0, >= 3.0.4)
    rubocop (0.42.0)
      parser (>= 2.3.1.1, < 3.0)
      powerpack (~> 0.1)
      rainbow (>= 1.99.1, < 3.0)
      ruby-progressbar (~> 1.7)
      unicode-display_width (~> 1.0, >= 1.0.1)
    ruby-progressbar (1.8.1)
    sidekiq (4.2.1)
      concurrent-ruby (~> 1.0)
      connection_pool (~> 2.2, >= 2.2.0)
      rack-protection (~> 1.5)
      redis (~> 3.2, >= 3.2.1)
    term-ansicolor (1.3.2)
      tins (~> 1.0)
    thor (0.19.1)
    tins (1.12.0)
    unicode-display_width (1.1.1)

PLATFORMS
  ruby

DEPENDENCIES
  foreman
  rack
  rack-lineprof
  redis-namespace
  rubocop
  sidekiq

BUNDLED WITH
   1.12.5
